PATH
  remote: .
  specs:
    fluent-plugin-filter-logs (1.1.0)
      fluentd (>= 0.14.10, < 2)
      logfmt (~> 0.0.9)

GEM
  remote: https://rubygems.org/
  specs:
    byebug (11.1.1)
    concurrent-ruby (1.1.6)
    cool.io (1.6.0)
    fluentd (1.10.1)
      cool.io (>= 1.4.5, < 2.0.0)
      http_parser.rb (>= 0.5.1, < 0.7.0)
      msgpack (>= 1.3.1, < 2.0.0)
      serverengine (>= 2.0.4, < 3.0.0)
      sigdump (~> 0.2.2)
      strptime (>= 0.2.2, < 1.0.0)
      tzinfo (>= 1.0, < 3.0)
      tzinfo-data (~> 1.0)
      yajl-ruby (~> 1.0)
    http_parser.rb (0.6.0)
    logfmt (0.0.9)
    msgpack (1.3.3)
    power_assert (1.1.3)
    rake (12.3.3)
    serverengine (2.2.1)
      sigdump (~> 0.2.2)
    sigdump (0.2.4)
    strptime (0.2.3)
    test-unit (3.2.9)
      power_assert
    tzinfo (2.0.2)
      concurrent-ruby (~> 1.0)
    tzinfo-data (1.2019.3)
      tzinfo (>= 1.0.0)
    yajl-ruby (1.4.2)

PLATFORMS
  ruby

DEPENDENCIES
  bundler
  byebug
  fluent-plugin-filter-logs!
  rake (~> 12.0)
  test-unit (~> 3.0)

BUNDLED WITH
   2.1.4
